##TITLE= Parameter file, TOPSPIN		Version 3.2
##JCAMPDX= 5.0
##DATATYPE= Parameter Values
##NPOINTS= 2	$$ modification sequence number
##ORIGIN= Bruker BioSpin GmbH
##OWNER= nmr
$$ 2019-03-15 18:48:02.221 -0500  nmr@CZC45205WH
$$ C:/Bruker/TopSpin3.2/data/nmr/nmr/LV_Canavanine_pH_7.5/12/acqu2
$$ process C:\Bruker\TopSpin3.2\prog\mod\dataserver.exe
##$ACQT0= 0
##$BF1= 400.13
##$FnMODE= 1
##$NUC1= <1H>
##$NusJSP= 0
##$NusT2= 1
##$NusTD= 0
##$O1= 1884
##$SFO1= 400.131884
##$SW= 9.99670398672854
##$SW_h= 4000
##$TD= 18
##END=
